GIT
  remote: git://github.com/monkrb/glue.git
  revision: 8a59f5c27b98399f80e9289530675366ad298b4c
  ref: 8a59f
  specs:
    monk-glue (0.0.1)

GIT
  remote: git://github.com/roylez/pagination.git
  revision: a0cb30c31a13134ce0f5b68717aabb69b87c2a97
  ref: a0cb3
  specs:
    pagination (0.3.3)

GEM
  remote: http://ruby.taobao.org/
  specs:
    bootstrap-sass (2.0.4.0)
    chunky_png (1.2.5)
    compass (0.12.2)
      chunky_png (~> 1.2)
      fssm (>= 0.2.7)
      sass (~> 3.1)
    daemons (1.1.8)
    diff-lcs (1.1.3)
    eventmachine (0.12.10)
    fabrication (1.3.1)
    faker (0.3.1)
    fssm (0.2.9)
    haml (3.1.4)
    i18n (0.6.0)
    kgio (2.7.4)
    mail (2.4.4)
      i18n (>= 0.4.0)
      mime-types (~> 1.16)
      treetop (~> 1.4.8)
    maruku (0.6.0)
      syntax (>= 1.0.0)
    mime-types (1.19)
    nest (1.1.1)
      redis
    nokogiri (1.5.5)
    ohm (1.1.1)
      nest (~> 1.0)
      redis
      scrivener (~> 0.0.3)
    ohm-contrib (1.1.0)
      ohm (~> 1.1)
    polyglot (0.3.3)
    rack (1.4.1)
    rack-protection (1.2.0)
      rack
    rack-test (0.6.1)
      rack (>= 1.0)
    raindrops (0.10.0)
    rake (0.9.2.2)
    redcarpet (2.1.1)
    redis (3.0.1)
    rspec (2.10.0)
      rspec-core (~> 2.10.0)
      rspec-expectations (~> 2.10.0)
      rspec-mocks (~> 2.10.0)
    rspec-core (2.10.1)
    rspec-expectations (2.10.0)
      diff-lcs (~> 1.1.3)
    rspec-mocks (2.10.1)
    sass (3.1.15)
    scrivener (0.0.3)
    sinatra (1.3.2)
      rack (~> 1.3, >= 1.3.6)
      rack-protection (~> 1.2)
      tilt (~> 1.3, >= 1.3.3)
    sinatra-static-assets (1.0.2)
      sinatra (>= 1.1.0)
    spork (0.9.2)
    sprite-factory (1.5.1)
    syntax (1.0.0)
    thin (1.4.1)
      daemons (>= 1.0.9)
      eventmachine (>= 0.12.6)
      rack (>= 1.0.0)
    tilt (1.3.3)
    treetop (1.4.10)
      polyglot
      polyglot (>= 0.3.1)
    unicorn (4.3.1)
      kgio (~> 2.6)
      rack
      raindrops (~> 0.7)
    webrat (0.7.3)
      nokogiri (>= 1.2.0)
      rack (>= 1.0)
      rack-test (>= 0.5.3)

PLATFORMS
  ruby

DEPENDENCIES
  bootstrap-sass
  bundler
  compass
  fabrication (= 1.3.1)
  faker (= 0.3.1)
  haml (= 3.1.4)
  mail (= 2.4.4)
  maruku (= 0.6.0)
  monk-glue!
  ohm (= 1.1.1)
  ohm-contrib (= 1.1.0)
  pagination!
  rack (= 1.4.1)
  rack-protection (= 1.2)
  rack-test (= 0.6.1)
  rake
  redcarpet
  redis (= 3.0.1)
  rspec (= 2.10.0)
  sass (= 3.1.15)
  sinatra (= 1.3.2)
  sinatra-static-assets (= 1.0.2)
  spork
  sprite-factory
  thin
  unicorn (~> 4.3.1)
  webrat (= 0.7.3)
