GIT
  remote: git://github.com/monkrb/glue.git
  revision: 8a59f5c27b98399f80e9289530675366ad298b4c
  ref: 8a59f
  specs:
    monk-glue (0.0.1)

GIT
  remote: git://github.com/roylez/pagination.git
  revision: c1193c08e9079b6018155b49107bd5c508abe44f
  ref: c1193
  specs:
    pagination (0.3.3)

GIT
  remote: git://github.com/roylez/redis-search.git
  revision: c21e102833f0548bf88e138cd238b2d6dd986d93
  ref: c21e1
  specs:
    redis-search (0.9.0)
      chinese_pinyin (>= 0.3.0)
      redis (>= 2.1.1)
      redis-namespace (>= 1.0.2)

GEM
  remote: http://ruby.taobao.org/
  specs:
    addressable (2.3.2)
    bootstrap-sass (2.1.0.1)
    chinese_pinyin (0.4.1)
    chunky_png (1.2.6)
    coderay (1.0.8)
    coffee-script (2.2.0)
      coffee-script-source
      execjs
    coffee-script-source (1.4.0)
    compass (0.12.2)
      chunky_png (~> 1.2)
      fssm (>= 0.2.7)
      sass (~> 3.1)
    daemons (1.1.9)
    diff-lcs (1.1.3)
    em-websocket (0.3.8)
      addressable (>= 2.1.1)
      eventmachine (>= 0.12.9)
    eventmachine (1.0.0)
    execjs (1.4.0)
      multi_json (~> 1.0)
    fabrication (1.3.1)
    faker (0.3.1)
    ffi (1.1.5)
    fssm (0.2.9)
    guard (1.5.3)
      listen (>= 0.4.2)
      lumberjack (>= 1.0.2)
      pry (>= 0.9.10)
      thor (>= 0.14.6)
    guard-coffeescript (1.2.1)
      coffee-script (>= 2.2.0)
      guard (>= 1.1.0)
    guard-compass (0.0.6)
      compass (>= 0.10.5)
      guard (>= 0.2.1)
    guard-livereload (1.1.0)
      em-websocket (>= 0.2.0)
      guard (>= 1.5.0)
      multi_json (~> 1.0)
    guard-rspec (1.2.1)
      guard (>= 1.1)
    haml (3.1.7)
    hiredis (0.4.5)
    i18n (0.6.1)
    kgio (2.7.4)
    listen (0.5.3)
    lumberjack (1.0.2)
    mail (2.4.4)
      i18n (>= 0.4.0)
      mime-types (~> 1.16)
      treetop (~> 1.4.8)
    method_source (0.8.1)
    mime-types (1.19)
    multi_json (1.3.7)
    nest (1.1.2)
      redis
    newrelic_rpm (3.5.0.1)
    nokogiri (1.5.5)
    ohm (1.2.0)
      nest (~> 1.0)
      redis
      scrivener (~> 0.0.3)
    ohm-contrib (1.2)
      ohm (~> 1.2)
    polyglot (0.3.3)
    posix-spawn (0.3.6)
    pry (0.9.10)
      coderay (~> 1.0.5)
      method_source (~> 0.8)
      slop (~> 3.3.1)
    pygments.rb (0.3.2)
      posix-spawn (~> 0.3.6)
      yajl-ruby (~> 1.1.0)
    rack (1.4.1)
    rack-livereload (0.3.8)
      rack
    rack-protection (1.2.0)
      rack
    rack-test (0.6.1)
      rack (>= 1.0)
    raindrops (0.10.0)
    rake (0.9.2.2)
    rb-inotify (0.8.8)
      ffi (>= 0.5.0)
    redcarpet (2.2.2)
    redis (3.0.2)
    redis-namespace (1.2.1)
      redis (~> 3.0.0)
    rmmseg-cpp-huacnlee (0.2.9)
    rspec (2.10.0)
      rspec-core (~> 2.10.0)
      rspec-expectations (~> 2.10.0)
      rspec-mocks (~> 2.10.0)
    rspec-core (2.10.1)
    rspec-expectations (2.10.0)
      diff-lcs (~> 1.1.3)
    rspec-mocks (2.10.1)
    sass (3.2.1)
    scrivener (0.0.3)
    sinatra (1.3.3)
      rack (~> 1.3, >= 1.3.6)
      rack-protection (~> 1.2)
      tilt (~> 1.3, >= 1.3.3)
    sinatra-static-assets (1.0.4)
      sinatra (>= 1.1.0)
    slop (3.3.3)
    spork (0.9.2)
    sprite-factory (1.5.1)
    thin (1.5.0)
      daemons (>= 1.0.9)
      eventmachine (>= 0.12.6)
      rack (>= 1.0.0)
    thor (0.16.0)
    tilt (1.3.3)
    treetop (1.4.11)
      polyglot
      polyglot (>= 0.3.1)
    unicorn (4.4.0)
      kgio (~> 2.6)
      rack
      raindrops (~> 0.7)
    webrat (0.7.3)
      nokogiri (>= 1.2.0)
      rack (>= 1.0)
      rack-test (>= 0.5.3)
    yajl-ruby (1.1.0)

PLATFORMS
  ruby

DEPENDENCIES
  bootstrap-sass
  bundler
  chinese_pinyin
  compass
  fabrication (= 1.3.1)
  faker (= 0.3.1)
  guard-coffeescript
  guard-compass
  guard-livereload
  guard-rspec
  haml (= 3.1.7)
  hiredis (= 0.4.5)
  mail (= 2.4.4)
  monk-glue!
  newrelic_rpm
  ohm (= 1.2.0)
  ohm-contrib (= 1.2.0)
  pagination!
  pry
  pygments.rb
  rack (= 1.4.1)
  rack-livereload
  rack-protection (= 1.2)
  rack-test (= 0.6.1)
  rake
  rb-inotify
  redcarpet
  redis (= 3.0.2)
  redis-namespace
  redis-search!
  rmmseg-cpp-huacnlee
  rspec (= 2.10.0)
  sass (= 3.2.1)
  sinatra (= 1.3.3)
  sinatra-static-assets (= 1.0.4)
  spork
  sprite-factory
  thin
  unicorn (~> 4.4.0)
  webrat (= 0.7.3)
